GEM
  remote: https://rubygems.org/
  specs:
<<<<<<< HEAD
=======
    rack (1.6.4)
    rack-protection (1.5.3)
      rack
    shotgun (0.9.1)
      rack (>= 1.0)
    sinatra (1.4.6)
      rack (~> 1.4)
      rack-protection (~> 1.4)
      tilt (>= 1.3, < 3)
    tilt (2.0.1)
>>>>>>> 78dc49cefe2171c296f782ffb89a358e2f2c75a9

PLATFORMS
  ruby

DEPENDENCIES
<<<<<<< HEAD
=======
  shotgun
  sinatra
>>>>>>> 78dc49cefe2171c296f782ffb89a358e2f2c75a9

BUNDLED WITH
   1.10.6
